PATH
  remote: .
  specs:
    botkit (0.0.5)
      aitch
      signal

GEM
  remote: https://rubygems.org/
  specs:
    aitch (1.1.0)
      nokogiri
    docile (1.3.2)
    mini_portile2 (2.4.0)
    minitest (5.14.2)
    minitest-utils (0.4.6)
      minitest
    mocha (1.11.2)
    nokogiri (1.10.10)
      mini_portile2 (~> 2.4.0)
    rake (13.0.1)
    rubocop-fnando (0.0.12)
    signal (1.2.0)
    simplecov (0.19.0)
      docile (~> 1.1)
      simplecov-html (~> 0.11)
    simplecov-html (0.12.2)

PLATFORMS
  ruby

DEPENDENCIES
  botkit!
  bundler
  minitest-utils
  mocha
  rake
  rubocop-fnando
  simplecov

BUNDLED WITH
   2.1.4
