PATH
  remote: .
  specs:
    botkit (0.0.0)

GEM
  remote: https://rubygems.org/
  specs:
    docile (1.1.5)
    json (2.1.0)
    metaclass (0.0.4)
    minitest (5.10.3)
    minitest-utils (0.4.0)
      minitest
    mocha (1.3.0)
      metaclass (~> 0.0.1)
    rake (12.2.1)
    simplecov (0.15.1)
      docile (~> 1.1.0)
      json (>= 1.8, < 3)
      simplecov-html (~> 0.10.0)
    simplecov-html (0.10.2)

PLATFORMS
  ruby

DEPENDENCIES
  botkit!
  bundler
  minitest-utils
  mocha
  rake
  simplecov

BUNDLED WITH
   1.16.0.pre.3
