PATH
  remote: .
  specs:
    botkit (0.0.2)
      aitch
      signal

GEM
  remote: https://rubygems.org/
  specs:
    aitch (1.0.2)
      nokogiri (>= 1.6.0)
    docile (1.1.5)
    json (2.1.0)
    metaclass (0.0.4)
    mini_portile2 (2.3.0)
    minitest (5.10.3)
    minitest-utils (0.4.0)
      minitest
    mocha (1.3.0)
      metaclass (~> 0.0.1)
    nokogiri (1.8.1)
      mini_portile2 (~> 2.3.0)
    rake (12.2.1)
    signal (1.1.0)
    simplecov (0.15.1)
      docile (~> 1.1.0)
      json (>= 1.8, < 3)
      simplecov-html (~> 0.10.0)
    simplecov-html (0.10.2)

PLATFORMS
  ruby

DEPENDENCIES
  botkit!
  bundler
  minitest-utils
  mocha
  rake
  simplecov

BUNDLED WITH
   1.16.0
